GEM
  remote: https://rubygems.org/
  specs:
    RedCloth (4.2.9)
    celluloid (0.16.0)
      timers (~> 4.0.0)
    classifier (1.3.4)
      fast-stemmer (>= 1.0.0)
    coderay (1.1.0)
    coffee-script (2.4.1)
      coffee-script-source
      execjs
    coffee-script-source (1.9.1.1)
    colorator (0.1)
    commander (4.1.6)
      highline (~> 1.6.11)
    commonjs (0.2.7)
    directory_watcher (1.4.1)
    em-websocket (0.5.1)
      eventmachine (>= 0.12.9)
      http_parser.rb (~> 0.6.0)
    eventmachine (1.0.7)
    execjs (2.5.2)
    fast-stemmer (1.0.2)
    ffi (1.9.8)
    formatador (0.2.5)
    github-pages (4)
      RedCloth (= 4.2.9)
      jekyll (= 1.1.2)
      kramdown (= 1.0.2)
      liquid (= 2.5.1)
      maruku (= 0.6.1)
      rdiscount (= 1.6.8)
      redcarpet (= 2.2.2)
    guard (2.12.5)
      formatador (>= 0.2.4)
      listen (~> 2.7)
      lumberjack (~> 1.0)
      nenv (~> 0.1)
      notiffany (~> 0.0)
      pry (>= 0.9.12)
      shellany (~> 0.0)
      thor (>= 0.18.1)
    guard-livereload (2.4.0)
      em-websocket (~> 0.5)
      guard (~> 2.8)
      multi_json (~> 1.8)
    highline (1.6.21)
    hitimes (1.2.2)
    http_parser.rb (0.6.0)
    jekyll (1.1.2)
      classifier (~> 1.3)
      colorator (~> 0.1)
      commander (~> 4.1.3)
      directory_watcher (~> 1.4.1)
      kramdown (~> 1.0.2)
      liquid (~> 2.5.1)
      maruku (~> 0.5)
      pygments.rb (~> 0.5.0)
      redcarpet (~> 2.2.2)
      safe_yaml (~> 0.7.0)
    jekyll-asset-pipeline (0.1.2)
      jekyll (>= 0.10.0)
      liquid (>= 1.9.0)
    kramdown (1.0.2)
    less (2.6.0)
      commonjs (~> 0.2.7)
    libv8 (3.16.14.7)
    liquid (2.5.1)
    listen (2.10.0)
      celluloid (~> 0.16.0)
      rb-fsevent (>= 0.9.3)
      rb-inotify (>= 0.9)
    lumberjack (1.0.9)
    maruku (0.6.1)
      syntax (>= 1.0.0)
    method_source (0.8.2)
    multi_json (1.11.0)
    nenv (0.2.0)
    notiffany (0.0.6)
      nenv (~> 0.1)
      shellany (~> 0.0)
    posix-spawn (0.3.11)
    pry (0.10.1)
      coderay (~> 1.1.0)
      method_source (~> 0.8.1)
      slop (~> 3.4)
    pygments.rb (0.5.4)
      posix-spawn (~> 0.3.6)
      yajl-ruby (~> 1.1.0)
    rb-fsevent (0.9.4)
    rb-inotify (0.9.5)
      ffi (>= 0.5.0)
    rdiscount (1.6.8)
    redcarpet (2.2.2)
    ref (1.0.5)
    safe_yaml (0.7.1)
    shellany (0.0.1)
    slop (3.6.0)
    syntax (1.2.0)
    therubyracer (0.12.2)
      libv8 (~> 3.16.14.0)
      ref
    thor (0.19.1)
    timers (4.0.1)
      hitimes
    yajl-ruby (1.1.0)

PLATFORMS
  ruby

DEPENDENCIES
  coffee-script
  github-pages
  guard
  guard-livereload
  jekyll (= 1.1.2)
  jekyll-asset-pipeline
  less
  therubyracer
